GEM
  remote: https://rubygems.org/
  specs:
    addressable (2.4.0)
    colorator (1.1.0)
    forwardable-extended (2.6.0)
    html-pipeline (2.14.3)
    jekyll (3.2.1)
      colorator (~> 1.0)
      jekyll-sass-converter (~> 1.0)
      mercenary (~> 0.3.3)
      pathutil (~> 0.9)
      safe_yaml (~> 1.0)
    jekyll-feed (0.7.2)
    jekyll-gist (1.5.0)
      octokit (~> 4.2)
    jekyll-mentions (1.4.1)
      html-pipeline (~> 2.3)
    jekyll-sass-converter (1.5.2)
      sass (~> 3.4)
    jekyll-sitemap (0.11.0)
      addressable (~> 2.4.0)
    mercenary (0.3.6)
    octokit (4.25.1)
      sawyer (~> 0.9)
    pathutil (0.16.2)
      forwardable-extended (~> 2.6)
    safe_yaml (1.0.5)
    sass (3.7.4)
    sawyer (0.9.2)
      addressable (>= 2.3.5)

PLATFORMS
  x86_64-linux

DEPENDENCIES
  jekyll (~> 3.2.1)
  jekyll-feed
  jekyll-gist
  jekyll-mentions
  jekyll-sitemap

BUNDLED WITH
   2.4.19
